GEM
  remote: https://rubygems.org/
  specs:
    colorputs (0.2.3)
    commonmarker (0.21.0)
      ruby-enum (~> 0.5)
    concurrent-ruby (1.1.7)
    diff-lcs (1.4.4)
    dry-cli (0.6.0)
      concurrent-ruby (~> 1.0)
    i18n (1.8.5)
      concurrent-ruby (~> 1.0)
    pastel (0.8.0)
      tty-color (~> 0.5)
    ruby-enum (0.8.0)
      i18n
    tty-color (0.5.2)
    tty-cursor (0.7.1)
    tty-editor (0.6.0)
      tty-prompt (~> 0.22)
    tty-file (0.10.0)
      diff-lcs (~> 1.3)
      pastel (~> 0.8)
      tty-prompt (~> 0.22)
    tty-prompt (0.22.0)
      pastel (~> 0.8)
      tty-reader (~> 0.8)
    tty-reader (0.8.0)
      tty-cursor (~> 0.7)
      tty-screen (~> 0.8)
      wisper (~> 2.0)
    tty-screen (0.8.1)
    wisper (2.0.1)

PLATFORMS
  ruby

DEPENDENCIES
  colorputs (~> 0.2.3)
  commonmarker
  dry-cli (~> 0.6)
  tty-editor
  tty-file
  tty-prompt

RUBY VERSION
   ruby 2.7.2p137

BUNDLED WITH
   2.1.4
